REFERENCES: STRICT
STORAGE: PACKAGES
RESTRICTION: == net47
NUGET
  remote: https://api.nuget.org/v3/index.json
    Castle.Core (5.1.1)
    Microsoft.Owin (4.2.2)
      Owin (>= 1.0)
    Microsoft.Owin.Diagnostics (4.2.2)
      Microsoft.Owin (>= 4.2.2)
      Owin (>= 1.0)
    Microsoft.Owin.Host.HttpListener (4.2.2)
      Microsoft.Owin (>= 4.2.2)
      Owin (>= 1.0)
    Microsoft.Owin.Hosting (4.2.2)
      Microsoft.Owin (>= 4.2.2)
      Owin (>= 1.0)
    Moq (4.20.69)
      Castle.Core (>= 5.1.1)
      System.Threading.Tasks.Extensions (>= 4.5.4)
    NUnit (3.13.3)
    Owin (1.0)
    System.Runtime.CompilerServices.Unsafe (6.0)
    System.Threading.Tasks.Extensions (4.5.4)
      System.Runtime.CompilerServices.Unsafe (>= 4.5.3)
HTTP
  remote: https://github.com
    UnisaveJWT.dll (/unisave-cloud/jwt/releases/download/20231202.18/UnisaveJWT.dll)
GITHUB
  remote: MarcosLopezC/LightJson
    FULLPROJECT (e9fde42c10e8b4b06816d8d5d9cfdbdbe599f6ae)
  remote: grumpydev/TinyIoC
    src/TinyIoC/TinyIoC.cs (49889ccf0d1e50510700319380109566a72047cc)